FRAMEWORK: >= NET45
NUGET
  remote: https://www.nuget.org/api/v2
    FAKE (4.39)
    FsCheck (2.6)
      FSharp.Core (>= 3.1.2.5)
    FSharp.Core (4.0.0.1)
    Newtonsoft.Json (9.0.1)
    xunit (2.1)
      xunit.assert (2.1)
      xunit.core (2.1)
    xunit.abstractions (2.0)
    xunit.assert (2.1)
    xunit.core (2.1)
      xunit.extensibility.core (2.1)
      xunit.extensibility.execution (2.1)
    xunit.extensibility.core (2.1)
      xunit.abstractions (2.0)
    xunit.extensibility.execution (2.1)
      xunit.extensibility.core (2.1)
